GEM
  remote: https://rubygems.org/
  specs:
    byebug (11.1.3)
    coderay (1.1.3)
    elastic_tabstops (0.1.2)
    method_source (1.0.0)
    pg (1.2.3)
    pleasant_grove (0.0.8.4)
      elastic_tabstops (~> 0.1)
      pg (~> 1.2)
    pry (0.14.0)
      coderay (~> 1.1)
      method_source (~> 1.0)
    pry-byebug (3.8.0)
      byebug (~> 11.0)
      pry (~> 0.10)

PLATFORMS
  ruby

DEPENDENCIES
  pleasant_grove (~> 0.0.8.4)
  pry
  pry-byebug

BUNDLED WITH
   2.1.4
