PATH
  remote: ..
  specs:
    pleasant_grove (0.0.8.6)
      elastic_tabstops (~> 0.1.4)
      pg (~> 1.5)

GEM
  remote: https://rubygems.org/
  specs:
    byebug (11.1.3)
    coderay (1.1.3)
    elastic_tabstops (0.1.4)
    method_source (1.0.0)
    pg (1.5.4)
    pry (0.14.2)
      coderay (~> 1.1)
      method_source (~> 1.0)
    pry-byebug (3.10.1)
      byebug (~> 11.0)
      pry (>= 0.13, < 0.15)

PLATFORMS
  x86_64-darwin-21

DEPENDENCIES
  pleasant_grove (~> 0.0.8.6)!
  pry
  pry-byebug

BUNDLED WITH
   2.4.6
